FRAMEWORK: >= NET45
NUGET
  remote: https://www.nuget.org/api/v2
    FAKE (4.61.3)
    FSharp.Configuration (1.2)
    FSharp.Data (2.3.3)
    Newtonsoft.Json (10.0.2)
