FRAMEWORK: >= NET45
NUGET
  remote: https://www.nuget.org/api/v2
    FAKE (4.50)
    FSharp.Configuration (0.6.4)
    FSharp.Data (2.3.2)
    Newtonsoft.Json (9.0.1)
